GEM
  remote: https://rubygems.org/
  specs:
    addressable (2.8.6)
      public_suffix (>= 2.0.2, < 6.0)
    autoprefixer-rails (10.4.15.0)
      execjs (~> 2)
    bigdecimal (3.1.8)
    colorator (1.1.0)
    concurrent-ruby (1.2.3)
    em-websocket (0.5.3)
      eventmachine (>= 0.12.9)
      http_parser.rb (~> 0)
    ethon (0.16.0)
      ffi (>= 1.15.0)
    eventmachine (1.2.7)
    execjs (2.7.0)
    ffi (1.16.3)
    ffi (1.16.3-x64-mingw-ucrt)
    forwardable-extended (2.6.0)
    google-protobuf (4.27.5-x64-mingw-ucrt)
      bigdecimal
      rake (>= 13)
    google-protobuf (4.27.5-x86_64-darwin)
      bigdecimal
      rake (>= 13)
    google-protobuf (4.27.5-x86_64-linux)
      bigdecimal
      rake (>= 13)
    html-proofer (3.19.4)
      addressable (~> 2.3)
      mercenary (~> 0.3)
      nokogiri (~> 1.13)
      parallel (~> 1.10)
      rainbow (~> 3.0)
      typhoeus (~> 1.3)
      yell (~> 2.0)
    http_parser.rb (0.8.0)
    i18n (1.14.4)
      concurrent-ruby (~> 1.0)
    jekyll (4.3.3)
      addressable (~> 2.4)
      colorator (~> 1.0)
      em-websocket (~> 0.5)
      i18n (~> 1.0)
      jekyll-sass-converter (>= 2.0, < 4.0)
      jekyll-watch (~> 2.0)
      kramdown (~> 2.3, >= 2.3.1)
      kramdown-parser-gfm (~> 1.0)
      liquid (~> 4.0)
      mercenary (>= 0.3.6, < 0.5)
      pathutil (~> 0.9)
      rouge (>= 3.0, < 5.0)
      safe_yaml (~> 1.0)
      terminal-table (>= 1.8, < 4.0)
      webrick (~> 1.7)
    jekyll-feed (0.17.0)
      jekyll (>= 3.7, < 5.0)
    jekyll-paginate-v2 (3.0.0)
      jekyll (>= 3.0, < 5.0)
    jekyll-redirect-from (0.16.0)
      jekyll (>= 3.3, < 5.0)
    jekyll-sass-converter (3.0.0)
      sass-embedded (~> 1.54)
    jekyll-seo-tag (2.8.0)
      jekyll (>= 3.8, < 5.0)
    jekyll-sitemap (1.4.0)
      jekyll (>= 3.7, < 5.0)
    jekyll-watch (2.2.1)
      listen (~> 3.0)
    kramdown (2.4.0)
      rexml
    kramdown-parser-gfm (1.1.0)
      kramdown (~> 2.0)
    liquid (4.0.4)
    listen (3.9.0)
      rb-fsevent (~> 0.10, >= 0.10.3)
      rb-inotify (~> 0.9, >= 0.9.10)
    mercenary (0.4.0)
    nokogiri (1.16.5-x64-mingw-ucrt)
      racc (~> 1.4)
    nokogiri (1.16.5-x86_64-darwin)
      racc (~> 1.4)
    nokogiri (1.16.5-x86_64-linux)
      racc (~> 1.4)
    parallel (1.23.0)
    pathutil (0.16.2)
      forwardable-extended (~> 2.6)
    public_suffix (5.0.5)
    racc (1.7.3)
    rainbow (3.1.1)
    rake (13.2.1)
    rb-fsevent (0.11.2)
    rb-inotify (0.10.1)
      ffi (~> 1.0)
    rexml (3.3.9)
    rouge (4.2.1)
    safe_yaml (1.0.5)
    sass-embedded (1.74.1-x64-mingw-ucrt)
      google-protobuf (>= 3.25, < 5.0)
    sass-embedded (1.74.1-x86_64-darwin)
      google-protobuf (>= 3.25, < 5.0)
    sass-embedded (1.74.1-x86_64-linux-gnu)
      google-protobuf (>= 3.25, < 5.0)
    terminal-table (3.0.2)
      unicode-display_width (>= 1.1.1, < 3)
    typhoeus (1.4.0)
      ethon (>= 0.9.0)
    tzinfo (2.0.6)
      concurrent-ruby (~> 1.0)
    tzinfo-data (1.2023.3)
      tzinfo (>= 1.0.0)
    unicode-display_width (2.5.0)
    webrick (1.8.2)
    yell (2.2.2)

PLATFORMS
  x64-mingw-ucrt
  x86_64-darwin-20
  x86_64-darwin-22
  x86_64-linux

DEPENDENCIES
  autoprefixer-rails
  execjs (= 2.7.0)
  html-proofer (~> 3.18)
  jekyll (~> 4.3.3)
  jekyll-feed (~> 0.15)
  jekyll-paginate-v2 (= 3.0.0)
  jekyll-redirect-from
  jekyll-seo-tag
  jekyll-sitemap
  tzinfo-data
  webrick

RUBY VERSION
   ruby 3.1.4p223

BUNDLED WITH
   2.4.21
